PATH
  remote: .
  specs:
    whales (0.1.8)
      bundler (~> 1.10)
      rake (= 10.4.2)
      whales_actions (= 0.1.8)
      whales_orm (= 0.1.8)
    whales_actions (0.1.8)
      activesupport
      webrick
    whales_orm (0.1.8)
      activesupport
      sqlite3

GEM
  remote: https://rubygems.org/
  specs:
    activesupport (4.0.13)
      i18n (~> 0.6, >= 0.6.9)
      minitest (~> 4.2)
      multi_json (~> 1.3)
      thread_safe (~> 0.1)
      tzinfo (~> 0.3.37)
    diff-lcs (1.2.5)
    i18n (0.7.0)
    minitest (4.7.5)
    multi_json (1.11.2)
    rake (10.4.2)
    rspec (3.4.0)
      rspec-core (~> 3.4.0)
      rspec-expectations (~> 3.4.0)
      rspec-mocks (~> 3.4.0)
    rspec-core (3.4.1)
      rspec-support (~> 3.4.0)
    rspec-expectations (3.4.0)
      diff-lcs (>= 1.2.0, < 2.0)
      rspec-support (~> 3.4.0)
    rspec-mocks (3.4.0)
      diff-lcs (>= 1.2.0, < 2.0)
      rspec-support (~> 3.4.0)
    rspec-support (3.4.1)
    sqlite3 (1.3.11)
    thread_safe (0.3.5)
    tzinfo (0.3.46)
    webrick (1.3.1)

PLATFORMS
  ruby

DEPENDENCIES
  activesupport (= 4.0.13)
  rspec
  sqlite3
  webrick (~> 1.3.1)
  whales!

BUNDLED WITH
   1.11.0
